GEM
  remote: https://rubygems.org/
  specs:
    dotenv (0.8.0)
    dotenv-rails (0.8.0)
      dotenv (= 0.8.0)
    httparty (0.11.0)
      multi_json (~> 1.0)
      multi_xml (>= 0.5.2)
    itc-autoingest (1.0.2)
      httparty
    multi_json (1.7.7)
    multi_xml (0.5.4)
    prowly (0.3.0)

PLATFORMS
  ruby

DEPENDENCIES
  dotenv-rails
  itc-autoingest
  prowly
